PATH
  remote: .
  specs:
    waldorfcamp (0.0.1)
      cloudinary
      dotenv
      pg
      rack-cors
      rake
      roda
      roda-symbolized_params
      sequel
      unicorn
      yaks

GEM
  remote: https://rubygems.org/
  specs:
    abstract_type (0.0.7)
    adamantium (0.2.0)
      ice_nine (~> 0.11.0)
      memoizable (~> 0.4.0)
    anima (0.2.0)
      abstract_type (~> 0.0.7)
      adamantium (~> 0.1)
      equalizer (~> 0.0.8)
    attribs (1.1.0)
      anima (~> 0.2.0)
    aws_cf_signer (0.1.3)
    cloudinary (1.2.4)
      aws_cf_signer
      rest-client
    coderay (1.1.0)
    concord (0.1.5)
      adamantium (~> 0.2.0)
      equalizer (~> 0.0.9)
    domain_name (0.5.20161021)
      unf (>= 0.0.5, < 1.0.0)
    dotenv (2.1.1)
    equalizer (0.0.11)
    http-cookie (1.0.3)
      domain_name (~> 0.5)
    ice_nine (0.11.2)
    inflection (1.0.0)
    kgio (2.10.0)
    memoizable (0.4.2)
      thread_safe (~> 0.3, >= 0.3.1)
    method_source (0.8.2)
    mime-types (3.1)
      mime-types-data (~> 3.2015)
    mime-types-data (3.2016.0521)
    minitest (5.6.1)
    minitest-hooks (1.0.1)
    netrc (0.11.0)
    pg (0.19.0)
    pry (0.10.1)
      coderay (~> 1.1.0)
      method_source (~> 0.8.1)
      slop (~> 3.4)
    rack (1.6.1)
    rack-accept (0.4.5)
      rack (>= 0.4)
    rack-cors (0.4.0)
    rack-test (0.6.3)
      rack (>= 1.0)
    raindrops (0.17.0)
    rake (11.3.0)
    rest-client (2.0.0)
      http-cookie (>= 1.0.2, < 2.0)
      mime-types (>= 1.16, < 4.0)
      netrc (~> 0.8)
    roda (2.19.0)
      rack
    roda-symbolized_params (0.0.2)
    sequel (4.38.0)
    slop (3.6.0)
    thread_safe (0.3.5)
    unf (0.1.4)
      unf_ext
    unf_ext (0.0.7.2)
    unicorn (5.1.0)
      kgio (~> 2.6)
      raindrops (~> 0.7)
    uri_template (0.6.0)
    yaks (0.12.0)
      abstract_type (~> 0.0.7)
      adamantium (~> 0.2.0)
      anima (~> 0.2.0)
      attribs (~> 1.0)
      concord (~> 0.1.4)
      inflection (~> 1.0)
      rack-accept (~> 0.4.5)
      uri_template (~> 0.6.0)

PLATFORMS
  ruby

DEPENDENCIES
  minitest
  minitest-hooks
  pry
  rack-test
  waldorfcamp!

BUNDLED WITH
   1.13.2
